PATH
  remote: .
  specs:
    cogdb (0.0.1)
      base32-crockford (>= 0.1.0)
      docopt (>= 0.5.0)
      pegex (>= 0.0.3)
      ruby-uuid (>= 0.0.1)

GEM
  remote: https://rubygems.org/
  specs:
    base32-crockford (0.1.0)
    binding_of_caller (0.7.1)
      debug_inspector (>= 0.0.1)
    bond (0.4.3)
    coderay (1.0.9)
    columnize (0.3.6)
    debug_inspector (0.0.2)
    debugger (1.5.0)
      columnize (>= 0.3.1)
      debugger-linecache (~> 1.2.0)
      debugger-ruby_core_source (~> 1.2.0)
    debugger-linecache (1.2.0)
    debugger-ruby_core_source (1.2.0)
    docopt (0.5.0)
    interception (0.3)
    jist (1.5.1)
      json
    json (1.7.7)
    method_source (0.8.1)
    pegex (0.0.3)
    pry (0.9.12.1)
      coderay (~> 1.0.5)
      method_source (~> 0.8)
      slop (~> 3.4)
    pry-debugger (0.2.2)
      debugger (~> 1.3)
      pry (~> 0.9.10)
    pry-doc (0.4.5)
      pry (>= 0.9)
      yard (>= 0.8)
    pry-docmore (0.1.1)
      pry
      pry-doc
    pry-plus (1.0.0)
      bond
      jist
      pry-debugger
      pry-doc
      pry-docmore
      pry-rescue
      pry-stack_explorer
    pry-rescue (1.1.0)
      interception (>= 0.3)
      pry
    pry-stack_explorer (0.4.9)
      binding_of_caller (>= 0.7)
      pry (~> 0.9.11)
    ruby-uuid (0.0.1)
    slop (3.4.4)
    testml (0.0.2)
      pegex (>= 0.0.3)
    wxyz (0.0.2)
    yard (0.8.6.1)

PLATFORMS
  ruby

DEPENDENCIES
  cogdb!
  pry-plus
  testml (>= 0.0.2)
  wxyz
